GEM
  remote: https://rubygems.org/
  specs:
    daedalus-core (0.2.0)
    rake (10.4.2)
    redcard (1.1.0)
    rubinius-ast (1.3.0)
    rubinius-bridge (1.1.0)
      redcard (~> 1.0)
    rubinius-build_tools (1.0.0)
      rubinius-ast (~> 1.0)
      rubinius-compiler (~> 1.0)
      rubinius-melbourne (~> 1.0)
      rubinius-processor (~> 1.0)
      rubinius-toolset (~> 2.0)
    rubinius-compiler (1.2.0)
    rubinius-melbourne (1.2.0.0)
    rubinius-processor (1.3.0)
    rubinius-toolset (2.3.1)

PLATFORMS
  ruby

DEPENDENCIES
  daedalus-core (~> 0.1)
  rake (~> 10.0)
  redcard (~> 1.0)
  rubinius-bridge (~> 1.0)
  rubinius-build_tools (~> 1.0)
